ObjectType = Image
NDims = 3
BinaryData = True
BinaryDataByteOrderMSB = False
CompressedData = False
TransformMatrix = 0.999813 -0.00289921 0.0191045 0 0.988769 0.149449 -0.0193232 -0.149421 0.988585
Offset = -71.985 -53.3146 -55.7472
CenterOfRotation = 0 0 0
AnatomicalOrientation = RAI
ElementSpacing = 0.273438 0.273437 2.20001
DimSize = 512 512 47
ElementType = MET_SHORT
ElementDataFile = Case00.raw
